PATH
  remote: ../../rx/presenters
  specs:
    voom-presenters (0.4.0)
      dry-configurable (> 0.1, <= 7.0)
      dry-container (~> 0.6)
      dry-inflector (~> 0.1)
      filewatcher (~> 1.1.1)
      ice_nine (~> 0.11)
      nokogiri (>= 1.7.2)
      redcarpet (~> 3.4)
      sinatra (>= 1.4, < 3.0)
      tzinfo (>= 1.1, < 2.0)
      tzinfo-data (~> 1.2018)
      zeitwerk (~> 1.4.3)

GEM
  remote: http://rubygems.org/
  specs:
    coderay (1.1.2)
    concurrent-ruby (1.1.5)
    dotenv (2.5.0)
    dry-configurable (0.8.3)
      concurrent-ruby (~> 1.0)
      dry-core (~> 0.4, >= 0.4.7)
    dry-container (0.7.2)
      concurrent-ruby (~> 1.0)
      dry-configurable (~> 0.1, >= 0.1.3)
    dry-core (0.4.9)
      concurrent-ruby (~> 1.0)
    dry-inflector (0.2.0)
    filewatcher (1.1.1)
      optimist (~> 3.0)
    ice_nine (0.11.2)
    method_source (0.9.2)
    mini_portile2 (2.4.0)
    mustermann (1.0.3)
    nokogiri (1.10.4)
      mini_portile2 (~> 2.4.0)
    optimist (3.0.0)
    pry (0.12.2)
      coderay (~> 1.1.0)
      method_source (~> 0.9.0)
    rack (2.0.6)
    rack-cors (1.0.3)
    rack-protection (2.0.4)
      rack
    redcarpet (3.5.0)
    shotgun (0.9.2)
      rack (>= 1.0)
    sinatra (2.0.4)
      mustermann (~> 1.0)
      rack (~> 2.0)
      rack-protection (= 2.0.4)
      tilt (~> 2.0)
    thread_safe (0.3.6)
    tilt (2.0.8)
    tzinfo (1.2.5)
      thread_safe (~> 0.1)
    tzinfo-data (1.2019.3)
      tzinfo (>= 1.0.0)
    zeitwerk (1.4.3)

PLATFORMS
  ruby

DEPENDENCIES
  dotenv
  pry
  rack-cors
  shotgun
  sinatra (~> 2.0)
  voom-presenters!

BUNDLED WITH
   1.17.3
